PATH
  remote: .
  specs:
    covid_tracker (0.1.0)

GEM
  remote: https://rubygems.org/
  specs:
    coderay (1.1.3)
    date (3.3.3)
    method_source (1.0.0)
    nokogiri (1.15.2-arm64-darwin)
      racc (~> 1.4)
    open-uri (0.3.0)
      stringio
      time
      uri
    pry (0.14.2)
      coderay (~> 1.1)
      method_source (~> 1.0)
    racc (1.7.1)
    rake (13.0.6)
    stringio (3.0.7)
    time (0.2.2)
      date
    uri (0.12.1)

PLATFORMS
  arm64-darwin-22

DEPENDENCIES
  covid_tracker!
  nokogiri
  open-uri
  pry
  rake (~> 13.0)

BUNDLED WITH
   2.4.14
